GEM
  specs:
    dotenv (2.7.5)
    mail (2.7.1)
      mini_mime (>= 0.1.1)
    mini_mime (1.0.2)
    pony (1.13.1)
      mail (>= 2.0)

PLATFORMS
  ruby

DEPENDENCIES
  dotenv
  pony

BUNDLED WITH
   2.0.2
